GEM
  remote: https://rubygems.org/
  specs:
    rails (6.1.7)
      actioncable (= 6.1.7)
      actionmailbox (= 6.1.7)
      actionmailer (= 6.1.7)
      actionpack (= 6.1.7)
      actiontext (= 6.1.7)
      actionview (= 6.1.7)
      activejob (= 6.1.7)
      activemodel (= 6.1.7)
      activerecord (= 6.1.7)
      activestorage (= 6.1.7)
      activesupport (= 6.1.7)
      bundler (>= 1.15.0)
      railties (= 6.1.7)
      sprockets-rails (>= 2.0.0)
    bootsnap (1.13.0)
      msgpack (~> 1.2)
    byebug (11.1.3)
    sass-rails (6.0.0)
      sassc-rails (~> 2.1, >= 2.1.1)

DEPENDENCIES
  rails (~> 6.1.7)
  bootsnap (>= 1.4.4)
  byebug
  sass-rails (>= 6)

RUBY VERSION
   ruby 3.1.2p20
